GEM
  remote: https://rubygems.org/
  specs:
    pg (1.4.1)

PLATFORMS
  x86_64-darwin-21

DEPENDENCIES
  pg

RUBY VERSION
   ruby 3.1.1p18

BUNDLED WITH
   2.3.12
